GEM
  remote: https://rubygems.org/
  specs:
    autoprefixer-rails (5.1.11)
      execjs
      json
    breakpoint (2.7.1)
      sass (~> 3.3)
      sassy-maps (< 1.0.0)
    erubi (1.9.0)
    execjs (2.7.0)
    ffi (1.11.1)
    json (2.2.0)
    nio4r (2.5.8)
    puma (4.3.12)
      nio4r (~> 2.0)
    rack (2.0.7)
    rack-unreloader (1.7.0)
    rb-fsevent (0.10.3)
    rb-inotify (0.10.0)
      ffi (~> 1.0)
    roda (3.25.0)
      rack
    sass (3.7.4)
      sass-listen (~> 4.0.0)
    sass-listen (4.0.0)
      rb-fsevent (~> 0.9, >= 0.9.4)
      rb-inotify (~> 0.9, >= 0.9.7)
    sassy-maps (0.4.0)
      sass (~> 3.3)
    singularitygs (1.8.0)
      breakpoint (~> 2.4)
      sass (~> 3.3)
    tilt (2.0.10)

PLATFORMS
  ruby

DEPENDENCIES
  autoprefixer-rails (~> 5.1.0)
  erubi (~> 1.5)
  puma (~> 4.3)
  rack-unreloader
  roda (~> 3.22)
  singularitygs (~> 1.4)
  tilt (~> 2.0.6)

BUNDLED WITH
   2.0.2
